NUGET
  remote: https://www.nuget.org/api/v2
  specs:
    xunit.runner.visualstudio (2.1) - version_in_path: true
